GEM
  remote: https://rubygems.org/
  specs:
    json (1.8.0)
    yql (0.0.2)

PLATFORMS
  ruby

DEPENDENCIES
  json
  yql
